GEM
  remote: https://rubygems.org/
  specs:
    base64 (0.2.0)
    bigdecimal (3.1.8)
    concurrent-ruby (1.3.4)
    csv (3.3.2)
    digest (3.1.1)
    dotenv (3.1.7)
    easypost (6.4.1)
    faker (3.5.1)
      i18n (>= 1.8.11, < 2)
    httparty (0.22.0)
      csv
      mini_mime (>= 1.0.0)
      multi_xml (>= 0.5.2)
    i18n (1.14.6)
      concurrent-ruby (~> 1.0)
    logger (1.6.3)
    mini_mime (1.1.5)
    multi_xml (0.7.1)
      bigdecimal (~> 3.1)
    mustermann (3.0.3)
      ruby2_keywords (~> 0.0.1)
    rack (3.1.8)
    rack-protection (4.1.1)
      base64 (>= 0.1.0)
      logger (>= 1.6.0)
      rack (>= 3.0.0, < 4)
    rack-session (2.0.0)
      rack (>= 3.0.0)
    ruby2_keywords (0.0.5)
    sinatra (4.1.1)
      logger (>= 1.6.0)
      mustermann (~> 3.0)
      rack (>= 3.0.0, < 4)
      rack-protection (= 4.1.1)
      rack-session (>= 2.0.0, < 3)
      tilt (~> 2.0)
    sinatra-cors (1.2.0)
    tilt (2.4.0)
    tindie_api (0.1.4)
    vcr (6.3.1)
      base64

PLATFORMS
  arm64-darwin-24
  ruby

DEPENDENCIES
  digest
  dotenv
  easypost (~> 6.4.1)
  faker
  httparty
  sinatra (~> 4.1.1)
  sinatra-cors
  tindie_api
  vcr (~> 6.3.1)

BUNDLED WITH
   2.5.16
